GEM
  remote: https://rubygems.org/
  specs:

PLATFORMS
  x64-mingw32

DEPENDENCIES

RUBY VERSION
   ruby 2.6.1p33

BUNDLED WITH
   2.0.1
